PATH
  remote: .
  specs:
    tokenizer (0.1.1)

GEM
  remote: http://rubygems.org/
  specs:
    rake (0.8.7)
    rdoc (3.9.3)
    yard (0.7.2)

PLATFORMS
  ruby

DEPENDENCIES
  bundler
  rake (= 0.8.7)
  rdoc (>= 3.9.1)
  tokenizer!
  yard
